PATH
  remote: .
  specs:
    debitech_soap (1.1.1)
      httpclient (>= 2.4.0)
      mumboe-soap4r (~> 1.5.8.4)

GEM
  remote: http://rubygems.org/
  specs:
    diff-lcs (1.1.3)
    guard (0.8.8)
      thor (~> 0.14.6)
    guard-rspec (0.5.0)
      guard (>= 0.8.4)
    httpclient (2.8.3)
    mumboe-soap4r (1.5.8.7)
      httpclient (>= 2.1.1)
    rake (13.0.1)
    rspec (2.7.0)
      rspec-core (~> 2.7.0)
      rspec-expectations (~> 2.7.0)
      rspec-mocks (~> 2.7.0)
    rspec-core (2.7.1)
    rspec-expectations (2.7.0)
      diff-lcs (~> 1.1.2)
    rspec-mocks (2.7.0)
    thor (0.14.6)

PLATFORMS
  ruby

DEPENDENCIES
  debitech_soap!
  guard
  guard-rspec
  rake
  rspec

BUNDLED WITH
   1.15.4
